GEM
  remote: https://rubygems.org/
  specs:
    minitest (5.0.8)

PLATFORMS
  java

DEPENDENCIES
  minitest
